PATH
  remote: .
  specs:
    better_logging (1.0.3)

GEM
  remote: http://rubygems.org/
  specs:
    rake (12.3.3)

PLATFORMS
  ruby

DEPENDENCIES
  better_logging!
  rake
