PATH
  remote: .
  specs:
    better_logging (0.1.0)

GEM
  remote: http://rubygems.org/
  specs:
    rake (0.9.2.2)

PLATFORMS
  ruby

DEPENDENCIES
  better_logging!
  rake
